PATH
  remote: .
  specs:
    em-rspec (0.1.1)
      eventmachine (>= 0.12.10)

GEM
  remote: https://rubygems.org/
  specs:
    diff-lcs (1.2.4)
    eventmachine (1.0.3-java)
    jbundler (0.4.3)
      maven-tools (~> 0.32.1)
      ruby-maven (~> 3.0.4)
    maven-tools (0.32.5)
    rspec (2.13.0)
      rspec-core (~> 2.13.0)
      rspec-expectations (~> 2.13.0)
      rspec-mocks (~> 2.13.0)
    rspec-core (2.13.1)
    rspec-expectations (2.13.0)
      diff-lcs (>= 1.1.3, < 2.0)
    rspec-mocks (2.13.1)
    ruby-maven (3.0.4.1.4)
      maven-tools (~> 0.32.3)
      thor (>= 0.14.6, < 2.0)
    thor (0.18.1)

PLATFORMS
  java

DEPENDENCIES
  em-rspec!
  eventmachine
  jbundler
  rspec
